GEM
  remote: http://rubygems.org/
  specs:
    adsf (1.0.1)
      rack (>= 1.0.0)
    builder (3.0.0)
    cri (1.0.1)
    effin_utf8 (1.0)
    kramdown (0.13.3)
    mime-types (1.17.2)
    nanoc (3.1.7)
      nanoc3 (>= 3.1.7)
    nanoc3 (3.1.7)
      cri (>= 1.0.0)
    rack (1.3.0)
    rake (0.9.2)

PLATFORMS
  ruby

DEPENDENCIES
  adsf
  builder
  effin_utf8
  kramdown
  mime-types
  nanoc
  rack
  rake (= 0.9.2)
