GEM
  specs:
    cri (1.0.1)
    nanoc (3.1.7)
      nanoc3 (>= 3.1.7)
    nanoc3 (3.1.7)
      cri (>= 1.0.0)

PLATFORMS
  ruby

DEPENDENCIES
  nanoc
